GEM
  remote: https://rubygems.org/
  specs:
    chunky_png (1.4.0)

PLATFORMS
  ruby
  x86_64-linux

DEPENDENCIES
  chunky_png

CHECKSUMS
  chunky_png (1.4.0) sha256=89d5b31b55c0cf4da3cf89a2b4ebc3178d8abe8cbaf116a1dba95668502fdcfe

BUNDLED WITH
   4.0.0.dev
