GEM
  remote: https://rubygems.org/
  specs:
    language_server-protocol (3.17.0.5)
    logger (1.7.0)
    prism (1.4.0)
    rbs (3.9.4)
      logger
    ruby-lsp (0.17.17)
      language_server-protocol (~> 3.17.0)
      prism (~> 1.0)
      rbs (>= 3, < 4)
      sorbet-runtime (>= 0.5.10782)
    sorbet-runtime (0.5.12366)

PLATFORMS
  ruby
  x86_64-linux

DEPENDENCIES
  ruby-lsp (~> 0.17.4)

CHECKSUMS
  language_server-protocol (3.17.0.5) sha256=fd1e39a51a28bf3eec959379985a72e296e9f9acfce46f6a79d31ca8760803cc
  logger (1.7.0) sha256=196edec7cc44b66cfb40f9755ce11b392f21f7967696af15d274dde7edff0203
  prism (1.4.0) sha256=dc0e3e00e93160213dc2a65519d9002a4a1e7b962db57d444cf1a71565bb703e
  rbs (3.9.4) sha256=8e42c8f133fc2d94b65f62f34479546de1247b79892b57584f625b61e518a5d7
  ruby-lsp (0.17.17) sha256=6147b40dd3fe344369c1ba42da9b4ac21334ccadf0d321a0cba782624a9b798b
  sorbet-runtime (0.5.12366) sha256=67e432b5b3581ed0c991de2178dddcf9e397b6d9b31995849795b0a802837afe

BUNDLED WITH
   4.0.0.dev
