GIT
  remote: https://github.com/sacckey/rubyboy
  revision: a60a944720ec11e3aebd819e352aa779b1008e48
  specs:
    rubyboy (1.5.1)
      ffi (~> 1.16, >= 1.16.3)

GEM
  remote: https://rubygems.org/
  specs:
    ffi (1.17.2)

PLATFORMS
  ruby
  x86_64-linux

DEPENDENCIES
  rubyboy!

CHECKSUMS
  ffi (1.17.2) sha256=297235842e5947cc3036ebe64077584bff583cd7a4e94e9a02fdec399ef46da6
  rubyboy (1.5.1)

BUNDLED WITH
   4.0.0.dev
