GEM
  remote: https://rubygems.org/
  specs:
    cmdparse (3.0.7)
    geom2d (0.4.1)
    hexapdf (0.16.0)
      cmdparse (~> 3.0, >= 3.0.3)
      geom2d (~> 0.3)

PLATFORMS
  ruby
  x86_64-linux

DEPENDENCIES
  hexapdf (~> 0.16.0)

CHECKSUMS
  cmdparse (3.0.7) sha256=f7c5cace10bec6abf853370ae095e4b97a84ed9d847b3fb38f41cc4fbc950739
  geom2d (0.4.1) sha256=ea0998ea90c4f2752e24fe13d85a4f89bee689d151316140ebcc6369bf634ed9
  hexapdf (0.16.0) sha256=da98870f19500668eed229d5c077f4abac26be926f498a36954b426f35de007f

BUNDLED WITH
   4.0.0.dev
