GEM
  remote: https://rubygems.org/
  specs:
    json (2.13.2)

PLATFORMS
  arm64-darwin-23
  ruby

DEPENDENCIES
  json (= 2.13.2)

BUNDLED WITH
   2.7.0
