GEM
  remote: https://rubygems.org/
  specs:
    tinygql (0.3.1)

PLATFORMS
  ruby
  x86_64-linux

DEPENDENCIES
  tinygql

BUNDLED WITH
   4.0.0.dev
