GEM
  remote: https://rubygems.org/
  specs:
    erubi (1.13.1)

PLATFORMS
  ruby
  x86_64-linux

DEPENDENCIES
  erubi

CHECKSUMS
  erubi (1.13.1) sha256=a082103b0885dbc5ecf1172fede897f9ebdb745a4b97a5e8dc63953db1ee4ad9

BUNDLED WITH
   4.0.0.dev
