GEM
  remote: https://rubygems.org/
  specs:
    erubi (1.13.1)

PLATFORMS
  ruby
  x86_64-linux

DEPENDENCIES
  erubi

BUNDLED WITH
   4.0.0.dev
