GEM
  remote: https://rubygems.org/
  specs:
    actionmailbox (8.0.3)
      actionpack (= 8.0.3)
      activejob (= 8.0.3)
      activerecord (= 8.0.3)
      activestorage (= 8.0.3)
      activesupport (= 8.0.3)
      mail (>= 2.8.0)
    actionmailer (8.0.3)
      actionpack (= 8.0.3)
      actionview (= 8.0.3)
      activejob (= 8.0.3)
      activesupport (= 8.0.3)
      mail (>= 2.8.0)
      rails-dom-testing (~> 2.2)
    actionpack (8.0.3)
      actionview (= 8.0.3)
      activesupport (= 8.0.3)
      nokogiri (>= 1.8.5)
      rack (>= 2.2.4)
      rack-session (>= 1.0.1)
      rack-test (>= 0.6.3)
      rails-dom-testing (~> 2.2)
      rails-html-sanitizer (~> 1.6)
      useragent (~> 0.16)
    actiontext (8.0.3)
      actionpack (= 8.0.3)
      activerecord (= 8.0.3)
      activestorage (= 8.0.3)
      activesupport (= 8.0.3)
      globalid (>= 0.6.0)
      nokogiri (>= 1.8.5)
    actionview (8.0.3)
      activesupport (= 8.0.3)
      builder (~> 3.1)
      erubi (~> 1.11)
      rails-dom-testing (~> 2.2)
      rails-html-sanitizer (~> 1.6)
    activejob (8.0.3)
      activesupport (= 8.0.3)
      globalid (>= 0.3.6)
    activemodel (8.0.3)
      activesupport (= 8.0.3)
    activerecord (8.0.3)
      activemodel (= 8.0.3)
      activesupport (= 8.0.3)
      timeout (>= 0.4.0)
    activestorage (8.0.3)
      actionpack (= 8.0.3)
      activejob (= 8.0.3)
      activerecord (= 8.0.3)
      activesupport (= 8.0.3)
      marcel (~> 1.0)
    activesupport (8.0.3)
      base64
      benchmark (>= 0.3)
      bigdecimal
      concurrent-ruby (~> 1.0, >= 1.3.1)
      connection_pool (>= 2.2.5)
      drb
      i18n (>= 1.6, < 2)
      logger (>= 1.4.2)
      minitest (>= 5.1)
      securerandom (>= 0.3)
      tzinfo (~> 2.0, >= 2.0.5)
      uri (>= 0.13.1)
    addressable (2.8.7)
      public_suffix (>= 2.0.2, < 7.0)
    base64 (0.3.0)
    benchmark (0.4.1)
    bigdecimal (3.2.2)
    builder (3.3.0)
    byebug (12.0.0)
    capybara (3.40.0)
      addressable
      matrix
      mini_mime (>= 0.1.3)
      nokogiri (~> 1.11)
      rack (>= 1.6.0)
      rack-test (>= 0.6.3)
      regexp_parser (>= 1.5, < 3.0)
      xpath (~> 3.2)
    cgi (0.5.0)
    childprocess (4.1.0)
    concurrent-ruby (1.3.5)
    connection_pool (2.5.3)
    crass (1.0.6)
    date (3.4.1)
    digest (3.2.0)
    drb (2.2.3)
    erb (5.0.2)
    erubi (1.13.1)
    globalid (1.2.1)
      activesupport (>= 6.1)
    i18n (1.14.7)
      concurrent-ruby (~> 1.0)
    io-console (0.8.1)
    irb (1.15.2)
      pp (>= 0.6.0)
      rdoc (>= 4.0.0)
      reline (>= 0.4.2)
    jbuilder (2.13.0)
      actionview (>= 5.0.0)
      activesupport (>= 5.0.0)
    logger (1.7.0)
    loofah (2.24.1)
      crass (~> 1.0.2)
      nokogiri (>= 1.12.0)
    mail (2.8.1)
      mini_mime (>= 0.1.1)
      net-imap
      net-pop
      net-smtp
    marcel (1.0.4)
    matrix (0.4.3)
    mini_mime (1.1.5)
    mini_portile2 (2.8.9)
    minitest (5.25.5)
    mutex_m (0.3.0)
    net-imap (0.2.5)
      digest
      net-protocol
      strscan
    net-pop (0.1.2)
      net-protocol
    net-protocol (0.2.2)
      timeout
    net-smtp (0.2.2)
      digest
      net-protocol
      timeout
    nokogiri (1.18.9)
      mini_portile2 (~> 2.8.2)
      racc (~> 1.4)
    nokogiri (1.18.9-x86_64-linux-gnu)
      racc (~> 1.4)
    pp (0.6.2)
      prettyprint
    prettyprint (0.2.0)
    psych (5.2.6)
      date
      stringio
    public_suffix (6.0.2)
    racc (1.8.1)
    rack (3.2.0)
    rack-mini-profiler (2.3.4)
      rack (>= 1.2.0)
    rack-proxy (0.7.7)
      rack
    rack-session (2.1.1)
      base64 (>= 0.1.0)
      rack (>= 3.0.0)
    rack-test (2.2.0)
      rack (>= 1.3)
    rackup (2.2.1)
      rack (>= 3)
    rails-dom-testing (2.3.0)
      activesupport (>= 5.0.0)
      minitest
      nokogiri (>= 1.6)
    rails-html-sanitizer (1.6.2)
      loofah (~> 2.21)
      nokogiri (>= 1.15.7, != 1.16.7, != 1.16.6, != 1.16.5, != 1.16.4, != 1.16.3, != 1.16.2, != 1.16.1, != 1.16.0.rc1, != 1.16.0)
    railties (8.0.3)
      actionpack (= 8.0.3)
      activesupport (= 8.0.3)
      irb (~> 1.13)
      rackup (>= 1.0.0)
      rake (>= 12.2)
      thor (~> 1.0, >= 1.2.2)
      tsort (>= 0.2)
      zeitwerk (~> 2.6)
    rake (13.3.0)
    rdoc (6.14.2)
      erb
      psych (>= 4.0.0)
    regexp_parser (2.11.0)
    reline (0.6.2)
      io-console (~> 0.5)
    rexml (3.4.2)
    rubyzip (3.0.0)
    securerandom (0.4.1)
    selenium-webdriver (4.1.0)
      childprocess (>= 0.5, < 5.0)
      rexml (~> 3.2, >= 3.2.5)
      rubyzip (>= 1.2.2)
    semantic_range (3.1.0)
    spring (4.4.0)
    sprockets (4.2.2)
      concurrent-ruby (~> 1.0)
      logger
      rack (>= 2.2.4, < 4)
    sprockets-rails (3.4.0)
      actionpack (>= 5.2)
      activesupport (>= 5.2)
      sprockets (>= 3.0.0)
    sqlite3 (2.7.3)
      mini_portile2 (~> 2.8.0)
    sqlite3 (2.7.3-x86_64-linux-gnu)
    stringio (3.1.7)
    strscan (3.1.5)
    thor (1.4.0)
    timeout (0.4.3)
    tsort (0.2.0)
    turbolinks (5.2.1)
      turbolinks-source (~> 5.2)
    turbolinks-source (5.2.0)
    tzinfo (2.0.6)
      concurrent-ruby (~> 1.0)
    uri (1.0.3)
    useragent (0.16.11)
    webdrivers (5.3.1)
      nokogiri (~> 1.6)
      rubyzip (>= 1.3.0)
      selenium-webdriver (~> 4.0, < 4.11)
    webpacker (5.4.4)
      activesupport (>= 5.2)
      rack-proxy (>= 0.6.1)
      railties (>= 5.2)
      semantic_range (>= 2.3.0)
    xpath (3.2.0)
      nokogiri (~> 1.8)
    zeitwerk (2.7.3)

PLATFORMS
  ruby
  x86_64-linux

DEPENDENCIES
  actionmailbox (~> 8.0)
  actionmailer (~> 8.0)
  actionpack (~> 8.0)
  actiontext (~> 8.0)
  actionview (~> 8.0)
  activejob (~> 8.0)
  activemodel (~> 8.0)
  activerecord (~> 8.0)
  activerecord-jdbcsqlite3-adapter (~> 70)
  activestorage (~> 8.0)
  activesupport (~> 8.0)
  base64
  bigdecimal
  byebug
  capybara (>= 3.26)
  cgi
  jbuilder (~> 2.7)
  mutex_m
  net-imap (~> 0.2.1)
  net-pop (~> 0.1.1)
  net-smtp (~> 0.2.1)
  rack-mini-profiler (~> 2.0)
  railties (~> 8.0)
  selenium-webdriver
  spring
  sprockets-rails (= 3.4.0)
  sqlite3
  turbolinks (~> 5)
  tzinfo-data
  webdrivers
  webpacker (~> 5.0)

CHECKSUMS
  actionmailbox (8.0.3) sha256=2a0444f8937c641db100128a1826554c5298ade65c62b623a1fcb34a1dc6bd2f
  actionmailer (8.0.3) sha256=6dc0c3701065a96f845a05a28e9d7a60055222cfc324cc6c3a281cec148cc723
  actionpack (8.0.3) sha256=d63c21cb109e0529d785ffdb657a092928890327c5c8ea2e46f63b6751be5ad3
  actiontext (8.0.3) sha256=1c46fdfa60ffa282bf29cccc0714071128826bef5740c4f2a88d375d206a9df4
  actionview (8.0.3) sha256=5171946ff07d1e95bf3d805ad9425a89040a013dea11bb1f4cf604f108b1ce66
  activejob (8.0.3) sha256=469eddb3822aff1c6a0df0bd3398f28bff8fcd1bd0e9d309e6b7ccbd0bdba1b6
  activemodel (8.0.3) sha256=406907245a1c6c04cdf2187cc4590fdc081d7a07392123d322125677022ea67c
  activerecord (8.0.3) sha256=9b95c63b2ae9ccb57bb15db730300fdd02af387e12474eb9002a668acab3cea8
  activestorage (8.0.3) sha256=4f4eadeb5d128a35ed21d960eeece027225b36d54542512c8a36ad5316988c5e
  activesupport (8.0.3) sha256=a711ce5e30660b23232f26a38699469f8d859d47aa1f722e183fda6d7cc17823
  addressable (2.8.7) sha256=462986537cf3735ab5f3c0f557f14155d778f4b43ea4f485a9deb9c8f7c58232
  base64 (0.3.0) sha256=27337aeabad6ffae05c265c450490628ef3ebd4b67be58257393227588f5a97b
  benchmark (0.4.1) sha256=d4ef40037bba27f03b28013e219b950b82bace296549ec15a78016552f8d2cce
  bigdecimal (3.2.2) sha256=39085f76b495eb39a79ce07af716f3a6829bc35eb44f2195e2753749f2fa5adc
  builder (3.3.0) sha256=497918d2f9dca528fdca4b88d84e4ef4387256d984b8154e9d5d3fe5a9c8835f
  byebug (12.0.0) sha256=d4a150d291cca40b66ec9ca31f754e93fed8aa266a17335f71bb0afa7fca1a1e
  capybara (3.40.0) sha256=42dba720578ea1ca65fd7a41d163dd368502c191804558f6e0f71b391054aeef
  cgi (0.5.0) sha256=fe99f65bb2c146e294372ebb27602adbc3b4c008e9ea7038c6bd48c1ec9759da
  childprocess (4.1.0) sha256=3616ce99ccb242361ce7f2b19bf9ff3e6bc1d98b927c7edc29af8ca617ba6cd3
  concurrent-ruby (1.3.5) sha256=813b3e37aca6df2a21a3b9f1d497f8cbab24a2b94cab325bffe65ee0f6cbebc6
  connection_pool (2.5.3) sha256=cfd74a82b9b094d1ce30c4f1a346da23ee19dc8a062a16a85f58eab1ced4305b
  crass (1.0.6) sha256=dc516022a56e7b3b156099abc81b6d2b08ea1ed12676ac7a5657617f012bd45d
  date (3.4.1) sha256=bf268e14ef7158009bfeaec40b5fa3c7271906e88b196d958a89d4b408abe64f
  digest (3.2.0) sha256=fa2e7092ec683f65d82fadde5ff4ca3b32e23ee0b19f1fc1a5e09993ad2d3991
  drb (2.2.3) sha256=0b00d6fdb50995fe4a45dea13663493c841112e4068656854646f418fda13373
  erb (5.0.2) sha256=d30f258143d4300fb4ecf430042ac12970c9bb4b33c974a545b8f58c1ec26c0f
  erubi (1.13.1) sha256=a082103b0885dbc5ecf1172fede897f9ebdb745a4b97a5e8dc63953db1ee4ad9
  globalid (1.2.1) sha256=70bf76711871f843dbba72beb8613229a49429d1866828476f9c9d6ccc327ce9
  i18n (1.14.7) sha256=ceba573f8138ff2c0915427f1fc5bdf4aa3ab8ae88c8ce255eb3ecf0a11a5d0f
  io-console (0.8.1) sha256=1e15440a6b2f67b6ea496df7c474ed62c860ad11237f29b3bd187f054b925fcb
  irb (1.15.2) sha256=222f32952e278da34b58ffe45e8634bf4afc2dc7aa9da23fed67e581aa50fdba
  jbuilder (2.13.0) sha256=7200a38a1c0081aa81b7a9757e7a299db75bc58cf1fd45ca7919a91627d227d6
  logger (1.7.0) sha256=196edec7cc44b66cfb40f9755ce11b392f21f7967696af15d274dde7edff0203
  loofah (2.24.1) sha256=655a30842b70ec476410b347ab1cd2a5b92da46a19044357bbd9f401b009a337
  mail (2.8.1) sha256=ec3b9fadcf2b3755c78785cb17bc9a0ca9ee9857108a64b6f5cfc9c0b5bfc9ad
  marcel (1.0.4) sha256=0d5649feb64b8f19f3d3468b96c680bae9746335d02194270287868a661516a4
  matrix (0.4.3) sha256=a0d5ab7ddcc1973ff690ab361b67f359acbb16958d1dc072b8b956a286564c5b
  mini_mime (1.1.5) sha256=8681b7e2e4215f2a159f9400b5816d85e9d8c6c6b491e96a12797e798f8bccef
  mini_portile2 (2.8.9) sha256=0cd7c7f824e010c072e33f68bc02d85a00aeb6fce05bb4819c03dfd3c140c289
  minitest (5.25.5) sha256=391b6c6cb43a4802bfb7c93af1ebe2ac66a210293f4a3fb7db36f2fc7dc2c756
  mutex_m (0.3.0) sha256=cfcb04ac16b69c4813777022fdceda24e9f798e48092a2b817eb4c0a782b0751
  net-imap (0.2.5) sha256=c64bd79bf255583386320ff7de38dcd19d7b5b06737e0c04ecfe62d07687ae31
  net-pop (0.1.2) sha256=848b4e982013c15b2f0382792268763b748cce91c9e91e36b0f27ed26420dff3
  net-protocol (0.2.2) sha256=aa73e0cba6a125369de9837b8d8ef82a61849360eba0521900e2c3713aa162a8
  net-smtp (0.2.2) sha256=2487b00fa352d533512b57c79377e933163cf7a91201a8795822e8edab2b1231
  nokogiri (1.18.9) sha256=ac5a7d93fd0e3cef388800b037407890882413feccca79eb0272a2715a82fa33
  nokogiri (1.18.9-x86_64-linux-gnu) sha256=b52f5defedc53d14f71eeaaf990da66b077e1918a2e13088b6a96d0230f44360
  pp (0.6.2) sha256=947ec3120c6f92195f8ee8aa25a7b2c5297bb106d83b41baa02983686577b6ff
  prettyprint (0.2.0) sha256=2bc9e15581a94742064a3cc8b0fb9d45aae3d03a1baa6ef80922627a0766f193
  psych (5.2.6) sha256=814328aa5dcb6d604d32126a20bc1cbcf05521a5b49dbb1a8b30a07e580f316e
  public_suffix (6.0.2) sha256=bfa7cd5108066f8c9602e0d6d4114999a5df5839a63149d3e8b0f9c1d3558394
  racc (1.8.1) sha256=4a7f6929691dbec8b5209a0b373bc2614882b55fc5d2e447a21aaa691303d62f
  rack (3.2.0) sha256=79cd21514d696c59d61fae02e62900f087aac2d053fdc77d45f4e91b94fb3612
  rack-mini-profiler (2.3.4) sha256=2c43bb1d0091c23e3efba054de5ebfb9c40a238f37f2d24dd4df7cf70d0bee3c
  rack-proxy (0.7.7) sha256=446a4b57001022145d5c3ba73b775f66a2260eaf7420c6907483141900395c8a
  rack-session (2.1.1) sha256=0b6dc07dea7e4b583f58a48e8b806d4c9f1c6c9214ebc202ec94562cbea2e4e9
  rack-test (2.2.0) sha256=005a36692c306ac0b4a9350355ee080fd09ddef1148a5f8b2ac636c720f5c463
  rackup (2.2.1) sha256=f737191fd5c5b348b7f0a4412a3b86383f88c43e13b8217b63d4c8d90b9e798d
  rails-dom-testing (2.3.0) sha256=8acc7953a7b911ca44588bf08737bc16719f431a1cc3091a292bca7317925c1d
  rails-html-sanitizer (1.6.2) sha256=35fce2ca8242da8775c83b6ba9c1bcaad6751d9eb73c1abaa8403475ab89a560
  railties (8.0.3) sha256=ace31dcad7134299a64d6d96310d76d32868756e58e2983e25b121acd457f1d2
  rake (13.3.0) sha256=96f5092d786ff412c62fde76f793cc0541bd84d2eb579caa529aa8a059934493
  rdoc (6.14.2) sha256=9fdd44df130f856ae70cc9a264dfd659b9b40de369b16581f4ab746e42439226
  regexp_parser (2.11.0) sha256=d9dd78b475d18893ce3da55ea1a913499b75f26180a3463e9233d7e419c0cd40
  reline (0.6.2) sha256=1dad26a6008872d59c8e05244b119347c9f2ddaf4a53dce97856cd5f30a02846
  rexml (3.4.2) sha256=1384268554a37af5da5279431ca3f2f37d46f09ffdd6c95e17cc84c83ea7c417
  rubyzip (3.0.0) sha256=dd71a1024812210e08c327231e796387dd00c775314872750e75b9bd092c5cc2
  securerandom (0.4.1) sha256=cc5193d414a4341b6e225f0cb4446aceca8e50d5e1888743fac16987638ea0b1
  selenium-webdriver (4.1.0) sha256=076f13aa6317fb77a27409754b58c26387d5160b9d713311c147324054a7119e
  semantic_range (3.1.0) sha256=9fc01ee40f2e5f81042e95d421837f688177dd603753b5eab41ff9bba50a34a1
  spring (4.4.0) sha256=ec4e6cf5fb48d96b9ec9a80ebb40f962f2467b651c000693f33c14b6d6c340af
  sprockets (4.2.2) sha256=761e5a49f1c288704763f73139763564c845a8f856d52fba013458f8af1b59b1
  sprockets-rails (3.4.0) sha256=b6e13b773c652e79d8b703632375fb7e7c7db2a553814aadc6bf6cd3c744866c
  sqlite3 (2.7.3) sha256=d2b2fecd9341132f2cea3fde9061ee0fab9c9d532a8ecccfab4fe63d9621bf57
  sqlite3 (2.7.3-x86_64-linux-gnu) sha256=11b2612fddf56602d238be7a984fa0633e591edd034f7520747bc0927b7fa865
  stringio (3.1.7) sha256=5b78b7cb242a315fb4fca61a8255d62ec438f58da2b90be66048546ade4507fa
  strscan (3.1.5) sha256=f8413b90ea9395a69609a4414a8c88551bcda64337e234272c24fcd4c83e5947
  thor (1.4.0) sha256=8763e822ccb0f1d7bee88cde131b19a65606657b847cc7b7b4b82e772bcd8a3d
  timeout (0.4.3) sha256=9509f079b2b55fe4236d79633bd75e34c1c1e7e3fb4b56cb5fda61f80a0fe30e
  tsort (0.2.0) sha256=9650a793f6859a43b6641671278f79cfead60ac714148aabe4e3f0060480089f
  turbolinks (5.2.1) sha256=5fea5889c4e2a78a5bd9abda3860c565342b50c6e2593697d5558a08e15cce9c
  turbolinks-source (5.2.0) sha256=362a41fa851a22b0f15cf8f944b6c7c5788f645dc1f61ae25478bb25c3bc85d4
  tzinfo (2.0.6) sha256=8daf828cc77bcf7d63b0e3bdb6caa47e2272dcfaf4fbfe46f8c3a9df087a829b
  uri (1.0.3) sha256=e9f2244608eea2f7bc357d954c65c910ce0399ca5e18a7a29207ac22d8767011
  useragent (0.16.11) sha256=700e6413ad4bb954bb63547fa098dddf7b0ebe75b40cc6f93b8d54255b173844
  webdrivers (5.3.1) sha256=d7d5531fbc3c44b6a2a7710e3e6c5edc54f35c68af20017309e3eccf15ec4aa5
  webpacker (5.4.4) sha256=71fc22cd4e47bcae1da13aefd826271530cd923f66528a043f30e08865dc043a
  xpath (3.2.0) sha256=6dfda79d91bb3b949b947ecc5919f042ef2f399b904013eb3ef6d20dd3a4082e
  zeitwerk (2.7.3) sha256=b2e86b4a9b57d26ba68a15230dcc7fe6f040f06831ce64417b0621ad96ba3e85

BUNDLED WITH
   4.0.0.dev
