GIT
  remote: https://github.com/Shopify/liquid.git
  revision: 4d4a565e98c1dda099df1fddf80e293f768cda29
  ref: v5.4.0
  specs:
    liquid (5.4.0)

GEM
  remote: https://rubygems.org/
  specs:
    base64 (0.3.0)
    bigdecimal (3.2.2)

PLATFORMS
  ruby
  x86_64-linux

DEPENDENCIES
  base64
  bigdecimal
  liquid!

CHECKSUMS
  base64 (0.3.0) sha256=27337aeabad6ffae05c265c450490628ef3ebd4b67be58257393227588f5a97b
  bigdecimal (3.2.2) sha256=39085f76b495eb39a79ce07af716f3a6829bc35eb44f2195e2753749f2fa5adc
  liquid (5.4.0)

BUNDLED WITH
   4.0.0.dev
