GEM
  remote: https://rubygems.org/
  specs:
    base64 (0.3.0)
    fiber-storage (1.0.1)
    graphql (2.5.11)
      base64
      fiber-storage
      logger
    logger (1.7.0)
    racc (1.8.1)

PLATFORMS
  ruby
  x86_64-linux

DEPENDENCIES
  base64
  graphql
  racc

CHECKSUMS
  base64 (0.3.0) sha256=27337aeabad6ffae05c265c450490628ef3ebd4b67be58257393227588f5a97b
  fiber-storage (1.0.1) sha256=f48e5b6d8b0be96dac486332b55cee82240057065dc761c1ea692b2e719240e1
  graphql (2.5.11) sha256=1169ffc6e215fd4d60056455b672c40a0cafa0607262049c2cca343b0f6bdb5c
  logger (1.7.0) sha256=196edec7cc44b66cfb40f9755ce11b392f21f7967696af15d274dde7edff0203
  racc (1.8.1) sha256=4a7f6929691dbec8b5209a0b373bc2614882b55fc5d2e447a21aaa691303d62f

BUNDLED WITH
   4.0.0.dev
