GEM
  remote: https://rubygems.org/
  specs:
    mail (2.7.1)
      mini_mime (>= 0.1.1)
    mini_mime (1.1.5)
    net-protocol (0.2.2)
      timeout
    net-smtp (0.2.1)
      net-protocol
    timeout (0.4.3)

PLATFORMS
  ruby
  x86_64-linux

DEPENDENCIES
  mail (= 2.7.1)
  net-smtp (= 0.2.1)

CHECKSUMS
  mail (2.7.1) sha256=ec2a3d489f7510b90d8eaa3f6abaad7038cf1d663cdf8ee66d0214a0bdf99c03
  mini_mime (1.1.5) sha256=8681b7e2e4215f2a159f9400b5816d85e9d8c6c6b491e96a12797e798f8bccef
  net-protocol (0.2.2) sha256=aa73e0cba6a125369de9837b8d8ef82a61849360eba0521900e2c3713aa162a8
  net-smtp (0.2.1) sha256=d1ae74d4b75970915d7c7a548275583974cb54d09ca9c56312dc8cb7f40ff40f
  timeout (0.4.3) sha256=9509f079b2b55fe4236d79633bd75e34c1c1e7e3fb4b56cb5fda61f80a0fe30e

BUNDLED WITH
   4.0.0.dev
